GEM
  remote: https://rubygems.org/
  specs:
    backports (3.15.0)
    clbustos-rtf (0.4.2)
    daru (0.1.6)
      backports
    daru-io (0.1.0)
      daru (~> 0.1.5)
    nokogiri (1.14.2-x86_64-darwin)
      racc (~> 1.4)
    prawn (0.8.4)
      prawn-core (>= 0.8.4, < 0.9)
      prawn-layout (>= 0.8.4, < 0.9)
      prawn-security (>= 0.8.4, < 0.9)
    prawn-core (0.8.4)
    prawn-layout (0.8.4)
    prawn-security (0.8.4)
    prawn-svg (0.9.1.11)
      prawn (>= 0.8.4)
    racc (1.6.2)
    reportbuilder (1.4.2)
      clbustos-rtf (~> 0.4.0)
      prawn (~> 0.8.4)
      prawn-svg (~> 0.9.1)
      text-table (~> 1.2)
    roo (2.7.1)
      nokogiri (~> 1)
      rubyzip (~> 1.1, < 2.0.0)
    ruby-ole (1.2.12.2)
    rubyzip (1.3.0)
    spreadsheet (1.1.9)
      ruby-ole (>= 1.0)
    text-table (1.2.4)

PLATFORMS
  x86_64-darwin-21

DEPENDENCIES
  daru
  daru-io
  reportbuilder (~> 1.4)
  roo (~> 2.7.0)
  spreadsheet (~> 1.1.1)

BUNDLED WITH
   2.4.8
